GEM
  remote: https://rubygems.org/
  specs:

PLATFORMS
  universal-darwin-21

DEPENDENCIES

BUNDLED WITH
   2.3.20
